GEM
  remote: https://rubygems.org/
  specs:
    cloud_events (0.7.0)
    functions_framework (0.11.0)
      cloud_events (>= 0.5.1, < 2.a)
      puma (>= 4.3.0, < 6.a)
      rack (~> 2.1)
    json (2.5.1)
    nio4r (2.5.8)
    puma (5.6.5)
      nio4r (~> 2.0)
    rack (2.2.6.2)
    rakuten_web_service (1.13.0)
      json (~> 2.3)

PLATFORMS
  ruby

DEPENDENCIES
  functions_framework (~> 0.11, >= 0.11.0)
  rakuten_web_service

BUNDLED WITH
   2.1.4
