GEM
  remote: https://rubygems.org/
  specs:
    cloud_events (0.4.0)
    functions_framework (0.9.0)
      cloud_events (~> 0.1)
      puma (~> 4.3)
      rack (~> 2.1)
    json (2.5.1)
    nio4r (2.5.7)
    puma (4.3.8)
      nio4r (~> 2.0)
    rack (2.2.3)
    rakuten_web_service (1.13.0)
      json (~> 2.3)

PLATFORMS
  ruby

DEPENDENCIES
  functions_framework (~> 0.7)
  rakuten_web_service

BUNDLED WITH
   2.2.18
