GEM
  remote: https://rubygems.org/
  specs:
    cloud_events (0.7.0)
    functions_framework (1.4.1)
      cloud_events (>= 0.7.0, < 2.a)
      puma (>= 4.3.0, < 7.a)
      rack (>= 2.1, < 4.a)
    json (2.5.1)
    nio4r (2.7.4)
    puma (6.4.3)
      nio4r (~> 2.0)
    rack (3.0.9.1)
    rakuten_web_service (1.13.0)
      json (~> 2.3)

PLATFORMS
  ruby

DEPENDENCIES
  functions_framework (~> 1.4, >= 1.4.0)
  rakuten_web_service

BUNDLED WITH
   2.1.4
